GEM
  remote: https://rubygems.org/
  specs:
    puma (3.12.4)
    rack (2.0.8)

PLATFORMS
  ruby

DEPENDENCIES
  puma (~> 3.12)
  rack (~> 2.0)

BUNDLED WITH
   1.17.1
