GEM
  remote: https://rubygems.org/
  specs:
    puma (3.11.4)
    rack (2.0.6)

PLATFORMS
  ruby

DEPENDENCIES
  puma (~> 3.11)
  rack (~> 2.0)

BUNDLED WITH
   1.17.1
